GEM
  remote: https://rubygems.org/
  specs:

PLATFORMS

DEPENDENCIES
